GEM
  remote: https://rubygems.org/
  specs:
    asciidoctor (1.5.4)

PLATFORMS
  ruby

DEPENDENCIES
  asciidoctor

BUNDLED WITH
   1.11.2
